GEM
  remote: https://rubygems.org/
  specs:
    minitest (5.11.3)
    mustermann (1.0.3)
    nio4r (2.4.0)
    puma (4.0.1)
      nio4r (~> 2.0)
    rack (2.0.7)
    rack-protection (2.0.5)
      rack
    rack-test (1.1.0)
      rack (>= 1.0, < 3)
    sinatra (2.0.5)
      mustermann (~> 1.0)
      rack (~> 2.0)
      rack-protection (= 2.0.5)
      tilt (~> 2.0)
    tilt (2.0.9)

PLATFORMS
  ruby

DEPENDENCIES
  minitest
  puma
  rack-test
  sinatra (~> 2.0.5)

RUBY VERSION
   ruby 2.5.3p105

BUNDLED WITH
   2.0.1
