GEM
  remote: https://rubygems.org/
  specs:
    minitest (5.11.3)
    mustermann (2.0.2)
      ruby2_keywords (~> 0.0.1)
    nio4r (2.4.0)
    pg (1.1.4)
    puma (4.0.1)
      nio4r (~> 2.0)
    rack (2.2.4)
    rack-protection (2.2.3)
      rack
    rack-test (1.1.0)
      rack (>= 1.0, < 3)
    ruby2_keywords (0.0.5)
    sinatra (2.2.3)
      mustermann (~> 2.0)
      rack (~> 2.2)
      rack-protection (= 2.2.3)
      tilt (~> 2.0)
    tilt (2.0.11)

PLATFORMS
  ruby

DEPENDENCIES
  minitest
  pg
  puma
  rack-test
  sinatra (~> 2.2.3)

RUBY VERSION
   ruby 2.5.3p105

BUNDLED WITH
   2.0.1
